GEM
  remote: https://rubygems.org/
  specs:
    actioncable (7.0.7.2)
      actionpack (= 7.0.7.2)
      activesupport (= 7.0.7.2)
      nio4r (~> 2.0)
      websocket-driver (>= 0.6.1)
    actionmailbox (7.0.7.2)
      actionpack (= 7.0.7.2)
      activejob (= 7.0.7.2)
      activerecord (= 7.0.7.2)
      activestorage (= 7.0.7.2)
      activesupport (= 7.0.7.2)
      mail (>= 2.7.1)
      net-imap
      net-pop
      net-smtp
    actionmailer (7.0.7.2)
      actionpack (= 7.0.7.2)
      actionview (= 7.0.7.2)
      activejob (= 7.0.7.2)
      activesupport (= 7.0.7.2)
      mail (~> 2.5, >= 2.5.4)
      net-imap
      net-pop
      net-smtp
      rails-dom-testing (~> 2.0)
    actionpack (7.0.7.2)
      actionview (= 7.0.7.2)
      activesupport (= 7.0.7.2)
      rack (~> 2.0, >= 2.2.4)
      rack-test (>= 0.6.3)
      rails-dom-testing (~> 2.0)
      rails-html-sanitizer (~> 1.0, >= 1.2.0)
    actiontext (7.0.7.2)
      actionpack (= 7.0.7.2)
      activerecord (= 7.0.7.2)
      activestorage (= 7.0.7.2)
      activesupport (= 7.0.7.2)
      globalid (>= 0.6.0)
      nokogiri (>= 1.8.5)
    actionview (7.0.7.2)
      activesupport (= 7.0.7.2)
      builder (~> 3.1)
      erubi (~> 1.4)
      rails-dom-testing (~> 2.0)
      rails-html-sanitizer (~> 1.1, >= 1.2.0)
    activejob (7.0.7.2)
      activesupport (= 7.0.7.2)
      globalid (>= 0.3.6)
    activemodel (7.0.7.2)
      activesupport (= 7.0.7.2)
    activerecord (7.0.7.2)
      activemodel (= 7.0.7.2)
      activesupport (= 7.0.7.2)
    activestorage (7.0.7.2)
      actionpack (= 7.0.7.2)
      activejob (= 7.0.7.2)
      activerecord (= 7.0.7.2)
      activesupport (= 7.0.7.2)
      marcel (~> 1.0)
      mini_mime (>= 1.1.0)
    activesupport (7.0.7.2)
      concurrent-ruby (~> 1.0, >= 1.0.2)
      i18n (>= 1.6, < 2)
      minitest (>= 5.1)
      tzinfo (~> 2.0)
    addressable (2.8.5)
      public_suffix (>= 2.0.2, < 6.0)
    annotate (3.2.0)
      activerecord (>= 3.2, < 8.0)
      rake (>= 10.4, < 14.0)
    ast (2.4.2)
    autoprefixer-rails (10.4.15.0)
      execjs (~> 2)
    base64 (0.1.1)
    bcrypt (3.1.19)
    better_errors (2.10.1)
      erubi (>= 1.0.0)
      rack (>= 0.9.0)
      rouge (>= 1.0.0)
    bindex (0.8.1)
    bootsnap (1.16.0)
      msgpack (~> 1.2)
    bootstrap (5.1.3)
      autoprefixer-rails (>= 9.1.0)
      popper_js (>= 2.9.3, < 3)
      sassc-rails (>= 2.0.0)
    builder (3.2.4)
    capybara (3.39.2)
      addressable
      matrix
      mini_mime (>= 0.1.3)
      nokogiri (~> 1.8)
      rack (>= 1.6.0)
      rack-test (>= 0.6.3)
      regexp_parser (>= 1.5, < 3.0)
      xpath (~> 3.2)
    concurrent-ruby (1.2.2)
    crass (1.0.6)
    date (3.3.3)
    debug (1.8.0)
      irb (>= 1.5.0)
      reline (>= 0.3.1)
    devise (4.9.2)
      bcrypt (~> 3.0)
      orm_adapter (~> 0.1)
      railties (>= 4.1.0)
      responders
      warden (~> 1.2.3)
    devise-i18n (1.11.0)
      devise (>= 4.9.0)
    diff-lcs (1.5.0)
    erubi (1.12.0)
    execjs (2.9.0)
    ffi (1.15.5)
    globalid (1.2.1)
      activesupport (>= 6.1)
    i18n (1.14.1)
      concurrent-ruby (~> 1.0)
    importmap-rails (1.2.1)
      actionpack (>= 6.0.0)
      railties (>= 6.0.0)
    io-console (0.6.0)
    irb (1.8.1)
      rdoc
      reline (>= 0.3.8)
    jbuilder (2.11.5)
      actionview (>= 5.0.0)
      activesupport (>= 5.0.0)
    json (2.6.3)
    language_server-protocol (3.17.0.3)
    loofah (2.21.3)
      crass (~> 1.0.2)
      nokogiri (>= 1.12.0)
    mail (2.8.1)
      mini_mime (>= 0.1.1)
      net-imap
      net-pop
      net-smtp
    marcel (1.0.2)
    matrix (0.4.2)
    method_source (1.0.0)
    mini_mime (1.1.5)
    minitest (5.20.0)
    msgpack (1.7.2)
    net-imap (0.3.7)
      date
      net-protocol
    net-pop (0.1.2)
      net-protocol
    net-protocol (0.2.1)
      timeout
    net-smtp (0.3.3)
      net-protocol
    nio4r (2.5.9)
    nokogiri (1.15.4-x86_64-linux)
      racc (~> 1.4)
    orm_adapter (0.5.0)
    parallel (1.23.0)
    parser (3.2.2.3)
      ast (~> 2.4.1)
      racc
    popper_js (2.11.8)
    psych (5.1.0)
      stringio
    public_suffix (5.0.3)
    puma (5.6.7)
      nio4r (~> 2.0)
    racc (1.7.1)
    rack (2.2.8)
    rack-test (2.1.0)
      rack (>= 1.3)
    rails (7.0.7.2)
      actioncable (= 7.0.7.2)
      actionmailbox (= 7.0.7.2)
      actionmailer (= 7.0.7.2)
      actionpack (= 7.0.7.2)
      actiontext (= 7.0.7.2)
      actionview (= 7.0.7.2)
      activejob (= 7.0.7.2)
      activemodel (= 7.0.7.2)
      activerecord (= 7.0.7.2)
      activestorage (= 7.0.7.2)
      activesupport (= 7.0.7.2)
      bundler (>= 1.15.0)
      railties (= 7.0.7.2)
    rails-dom-testing (2.2.0)
      activesupport (>= 5.0.0)
      minitest
      nokogiri (>= 1.6)
    rails-html-sanitizer (1.6.0)
      loofah (~> 2.21)
      nokogiri (~> 1.14)
    railties (7.0.7.2)
      actionpack (= 7.0.7.2)
      activesupport (= 7.0.7.2)
      method_source
      rake (>= 12.2)
      thor (~> 1.0)
      zeitwerk (~> 2.5)
    rainbow (3.1.1)
    rake (13.0.6)
    ransack (4.0.0)
      activerecord (>= 6.1.5)
      activesupport (>= 6.1.5)
      i18n
    rdoc (6.5.0)
      psych (>= 4.0.0)
    redis (4.8.1)
    regexp_parser (2.8.1)
    reline (0.3.8)
      io-console (~> 0.5)
    responders (3.1.0)
      actionpack (>= 5.2)
      railties (>= 5.2)
    rexml (3.2.6)
    rouge (4.1.3)
    rspec (3.12.0)
      rspec-core (~> 3.12.0)
      rspec-expectations (~> 3.12.0)
      rspec-mocks (~> 3.12.0)
    rspec-core (3.12.2)
      rspec-support (~> 3.12.0)
    rspec-expectations (3.12.3)
      diff-lcs (>= 1.2.0, < 2.0)
      rspec-support (~> 3.12.0)
    rspec-mocks (3.12.6)
      diff-lcs (>= 1.2.0, < 2.0)
      rspec-support (~> 3.12.0)
    rspec-rails (6.0.3)
      actionpack (>= 6.1)
      activesupport (>= 6.1)
      railties (>= 6.1)
      rspec-core (~> 3.12)
      rspec-expectations (~> 3.12)
      rspec-mocks (~> 3.12)
      rspec-support (~> 3.12)
    rspec-support (3.12.1)
    rubocop (1.56.2)
      base64 (~> 0.1.1)
      json (~> 2.3)
      language_server-protocol (>= 3.17.0)
      parallel (~> 1.10)
      parser (>= 3.2.2.3)
      rainbow (>= 2.2.2, < 4.0)
      regexp_parser (>= 1.8, < 3.0)
      rexml (>= 3.2.5, < 4.0)
      rubocop-ast (>= 1.28.1, < 2.0)
      ruby-progressbar (~> 1.7)
      unicode-display_width (>= 2.4.0, < 3.0)
    rubocop-ast (1.29.0)
      parser (>= 3.2.1.0)
    rubocop-capybara (2.18.0)
      rubocop (~> 1.41)
    rubocop-factory_bot (2.23.1)
      rubocop (~> 1.33)
    rubocop-rails (2.21.0)
      activesupport (>= 4.2.0)
      rack (>= 1.1)
      rubocop (>= 1.33.0, < 2.0)
    rubocop-rspec (2.24.0)
      rubocop (~> 1.33)
      rubocop-capybara (~> 2.17)
      rubocop-factory_bot (~> 2.22)
    ruby-progressbar (1.13.0)
    rubyzip (2.3.2)
    sassc (2.4.0)
      ffi (~> 1.9)
    sassc-rails (2.1.2)
      railties (>= 4.0.0)
      sassc (>= 2.0)
      sprockets (> 3.0)
      sprockets-rails
      tilt
    selenium-webdriver (4.10.0)
      rexml (~> 3.2, >= 3.2.5)
      rubyzip (>= 1.2.2, < 3.0)
      websocket (~> 1.0)
    slim (5.1.1)
      temple (~> 0.10.0)
      tilt (>= 2.1.0)
    slim-rails (3.6.2)
      actionpack (>= 3.1)
      railties (>= 3.1)
      slim (>= 3.0, < 6.0, != 5.0.0)
    sprockets (4.2.1)
      concurrent-ruby (~> 1.0)
      rack (>= 2.2.4, < 4)
    sprockets-rails (3.4.2)
      actionpack (>= 5.2)
      activesupport (>= 5.2)
      sprockets (>= 3.0.0)
    sqlite3 (1.6.4-x86_64-linux)
    stimulus-rails (1.2.2)
      railties (>= 6.0.0)
    stringio (3.0.8)
    temple (0.10.2)
    thor (1.2.2)
    tilt (2.3.0)
    timeout (0.4.0)
    turbo-rails (1.4.0)
      actionpack (>= 6.0.0)
      activejob (>= 6.0.0)
      railties (>= 6.0.0)
    tzinfo (2.0.6)
      concurrent-ruby (~> 1.0)
    unicode-display_width (2.4.2)
    warden (1.2.9)
      rack (>= 2.0.9)
    web-console (4.2.1)
      actionview (>= 6.0.0)
      activemodel (>= 6.0.0)
      bindex (>= 0.4.0)
      railties (>= 6.0.0)
    webdrivers (5.3.1)
      nokogiri (~> 1.6)
      rubyzip (>= 1.3.0)
      selenium-webdriver (~> 4.0, < 4.11)
    websocket (1.2.9)
    websocket-driver (0.7.6)
      websocket-extensions (>= 0.1.0)
    websocket-extensions (0.1.5)
    xpath (3.2.0)
      nokogiri (~> 1.8)
    zeitwerk (2.6.11)

PLATFORMS
  x86_64-linux

DEPENDENCIES
  annotate (~> 3.2)
  better_errors (~> 2.10, >= 2.10.1)
  bootsnap
  bootstrap (~> 5.1.3)
  capybara
  debug
  devise (~> 4.9, >= 4.9.2)
  devise-i18n
  importmap-rails
  jbuilder
  puma (~> 5.0)
  rails (~> 7.0.7, >= 7.0.7.2)
  ransack (~> 4.0.0)
  redis (~> 4.0)
  rspec (~> 3.12)
  rspec-rails (~> 6.0, >= 6.0.3)
  rubocop (~> 1.56, >= 1.56.2)
  rubocop-rails (~> 2.21)
  rubocop-rspec (~> 2.24)
  selenium-webdriver
  slim-rails
  sprockets-rails
  sqlite3 (~> 1.4)
  stimulus-rails
  turbo-rails
  tzinfo-data
  web-console
  webdrivers

RUBY VERSION
   ruby 3.2.2p53

BUNDLED WITH
   2.4.19
